PATH
  remote: ../exchange_rates
  specs:
    exchange_rates (0.1.0)
      nokogiri
      nori

GEM
  remote: https://rubygems.org/
  specs:
    diff-lcs (1.3)
    mini_portile2 (2.1.0)
    minitest (5.10.2)
    nokogiri (1.7.2-x64-mingw32)
      mini_portile2 (~> 2.1.0)
    nori (2.6.0)
    rack (1.6.8)
    rack-protection (1.5.3)
      rack
    rack-test (0.6.3)
      rack (>= 1.0)
    rake (10.5.0)
    rspec (3.6.0)
      rspec-core (~> 3.6.0)
      rspec-expectations (~> 3.6.0)
      rspec-mocks (~> 3.6.0)
    rspec-core (3.6.0)
      rspec-support (~> 3.6.0)
    rspec-expectations (3.6.0)
      diff-lcs (>= 1.2.0, < 2.0)
      rspec-support (~> 3.6.0)
    rspec-mocks (3.6.0)
      diff-lcs (>= 1.2.0, < 2.0)
      rspec-support (~> 3.6.0)
    rspec-support (3.6.0)
    sinatra (1.4.8)
      rack (~> 1.5)
      rack-protection (~> 1.4)
      tilt (>= 1.3, < 3)
    sinatra-param (1.4.0)
      sinatra (~> 1.3)
    tilt (2.0.7)

PLATFORMS
  x64-mingw32

DEPENDENCIES
  exchange_rates!
  minitest (~> 5.2)
  rack-test (~> 0.6)
  rake (~> 10.0)
  rspec
  sinatra (~> 1.4)
  sinatra-param

BUNDLED WITH
   1.15.0
